GIT
  remote: https://github.com/bkuhlmann/xdg
  revision: f7a494bfde77a4eca596f5b1930e06831c27ebb7
  specs:
    xdg (4.1.0)

GEM
  remote: https://rubygems.org/
  specs:
    byebug (11.1.3)
    coderay (1.1.3)
    commander-openflighthpc (2.1.2)
      highline (> 1.7.2)
      paint (~> 2.1.0)
      slop (~> 4.8)
    equatable (0.6.1)
    fuzzy_match (2.1.0)
    hashie (4.1.0)
    highline (2.0.3)
    kramdown (1.16.2)
    method_source (1.0.0)
    paint (2.1.1)
    pastel (0.7.4)
      equatable (~> 0.6)
      tty-color (~> 0.5)
    pry (0.13.1)
      coderay (~> 1.1)
      method_source (~> 1.0)
    pry-byebug (3.9.0)
      byebug (~> 11.0)
      pry (~> 0.13.0)
    rouge (3.21.0)
    slop (4.8.2)
    strings (0.1.8)
      strings-ansi (~> 0.1)
      unicode-display_width (~> 1.5)
      unicode_utils (~> 1.4)
    strings-ansi (0.2.0)
    tty-color (0.5.1)
    tty-markdown (0.6.0)
      kramdown (~> 1.16.2)
      pastel (~> 0.7.2)
      rouge (~> 3.3)
      strings (~> 0.1.4)
      tty-color (~> 0.4)
      tty-screen (~> 0.6)
    tty-screen (0.8.0)
    unicode-display_width (1.7.0)
    unicode_utils (1.4.0)

PLATFORMS
  ruby

DEPENDENCIES
  commander-openflighthpc (~> 2)
  fuzzy_match
  hashie
  kramdown
  pry
  pry-byebug
  tty-markdown
  xdg!

BUNDLED WITH
   2.1.4
