GIT
  remote: https://github.com/bkuhlmann/xdg
  revision: f7a494bfde77a4eca596f5b1930e06831c27ebb7
  specs:
    xdg (4.1.0)

GEM
  remote: https://rubygems.org/
  specs:
    byebug (11.1.3)
    coderay (1.1.3)
    commander-openflighthpc (2.1.2)
      highline (> 1.7.2)
      paint (~> 2.1.0)
      slop (~> 4.8)
    fuzzy_match (2.1.0)
    hashie (4.1.0)
    highline (2.0.3)
    method_source (1.0.0)
    paint (2.1.1)
    pry (0.13.1)
      coderay (~> 1.1)
      method_source (~> 1.0)
    pry-byebug (3.9.0)
      byebug (~> 11.0)
      pry (~> 0.13.0)
    slop (4.8.2)

PLATFORMS
  ruby

DEPENDENCIES
  commander-openflighthpc (~> 2)
  fuzzy_match
  hashie
  pry
  pry-byebug
  xdg!

BUNDLED WITH
   2.1.4
