GIT
  remote: https://github.com/piotrmurach/tty-markdown
  revision: 138d7255b1316bb2a7e46062a60965c2e9c413d2
  specs:
    tty-markdown (0.7.0)
      kramdown (>= 1.16.2, < 3.0)
      pastel (~> 0.8)
      rouge (~> 3.14)
      strings (~> 0.2.0)
      tty-color (~> 0.5)
      tty-screen (~> 0.8)

GIT
  remote: https://github.com/piotrmurach/tty-pager
  revision: d5fc3426ad1e5d670c7bc890b240d1cfe9124ac5
  specs:
    tty-pager (0.13.0)
      strings (~> 0.2.0)
      tty-screen (~> 0.8)

GIT
  remote: https:////github.com/piotrmurach/tty-table
  revision: 0088ab81b5f211012eda0f7970fc9ae5b8fc3824
  specs:
    tty-table (0.11.0)
      equatable (~> 0.6)
      pastel (~> 0.8)
      strings (~> 0.2.0)
      tty-screen (~> 0.8)

GEM
  remote: https://rubygems.org/
  specs:
    byebug (11.1.3)
    coderay (1.1.3)
    commander-openflighthpc (2.2.0)
      highline (> 1.7.2)
      paint (~> 2.1.0)
      slop (~> 4.8)
    equatable (0.6.1)
    hashie (4.1.0)
    highline (2.0.3)
    kramdown (2.3.0)
      rexml
    method_source (1.0.0)
    output_mode (1.1.1)
      pastel (>= 0.7)
      tty-color (>= 0.5)
      tty-table (>= 0.11)
    paint (2.1.1)
    pastel (0.8.0)
      tty-color (~> 0.5)
    pry (0.13.1)
      coderay (~> 1.1)
      method_source (~> 1.0)
    pry-byebug (3.9.0)
      byebug (~> 11.0)
      pry (~> 0.13.0)
    rexml (3.2.4)
    rouge (3.22.0)
    slop (4.8.2)
    strings (0.2.0)
      strings-ansi (~> 0.2)
      unicode-display_width (~> 1.5)
      unicode_utils (~> 1.4)
    strings-ansi (0.2.0)
    tty-color (0.5.2)
    tty-screen (0.8.1)
    unicode-display_width (1.7.0)
    unicode_utils (1.4.0)
    xdg (4.2.0)

PLATFORMS
  ruby

DEPENDENCIES
  commander-openflighthpc (~> 2)
  hashie
  output_mode
  pastel
  pry
  pry-byebug
  tty-markdown!
  tty-pager!
  tty-table!
  xdg

BUNDLED WITH
   2.1.4
